GEM
  remote: http://rubygems.org/
  specs:
    ZenTest (4.5.0)
    actionmailer (3.1.0.rc4)
      actionpack (= 3.1.0.rc4)
      mail (~> 2.3.0)
    actionpack (3.1.0.rc4)
      activemodel (= 3.1.0.rc4)
      activesupport (= 3.1.0.rc4)
      builder (~> 3.0.0)
      erubis (~> 2.7.0)
      i18n (~> 0.6)
      rack (~> 1.3.0)
      rack-cache (~> 1.0.1)
      rack-mount (~> 0.8.1)
      rack-test (~> 0.6.0)
      sprockets (~> 2.0.0.beta.10)
      tzinfo (~> 0.3.27)
    activemodel (3.1.0.rc4)
      activesupport (= 3.1.0.rc4)
      bcrypt-ruby (~> 2.1.4)
      builder (~> 3.0.0)
      i18n (~> 0.6)
    activerecord (3.1.0.rc4)
      activemodel (= 3.1.0.rc4)
      activesupport (= 3.1.0.rc4)
      arel (~> 2.1.1)
      tzinfo (~> 0.3.27)
    activeresource (3.1.0.rc4)
      activemodel (= 3.1.0.rc4)
      activesupport (= 3.1.0.rc4)
    activesupport (3.1.0.rc4)
      multi_json (~> 1.0)
    addressable (2.2.4)
    akephalos (0.2.5)
      capybara (~> 0.4.0)
      jruby-jars
    ansi (1.3.0)
    archive-tar-minitar (0.5.2)
    arel (2.1.3)
    autotest (4.4.6)
      ZenTest (>= 4.4.1)
    autotest-fsevent (0.2.5)
      sys-uname
    autotest-growl (0.2.9)
    awesome_print (0.4.0)
    bcrypt-ruby (2.1.4)
    builder (3.0.0)
    capybara (0.4.1.2)
      celerity (>= 0.7.9)
      culerity (>= 0.2.4)
      mime-types (>= 1.16)
      nokogiri (>= 1.3.3)
      rack (>= 1.0.0)
      rack-test (>= 0.5.4)
      selenium-webdriver (>= 0.0.27)
      xpath (~> 0.1.3)
    celerity (0.8.9)
    childprocess (0.1.9)
      ffi (~> 1.0.6)
    chronic (0.5.0)
    chunky_png (1.2.0)
    coffee-script (2.2.0)
      coffee-script-source
      execjs
    coffee-script-source (1.1.1)
    columnize (0.3.4)
    compass (0.11.4)
      chunky_png (~> 1.2)
      fssm (>= 0.2.7)
      sass (~> 3.1)
    configuration (1.3.1)
    crack (0.1.8)
    cucumber (1.0.0)
      builder (>= 2.1.2)
      diff-lcs (>= 1.1.2)
      gherkin (~> 2.4.1)
      json (>= 1.4.6)
      term-ansicolor (>= 1.0.5)
    culerity (0.2.15)
    database_cleaner (0.6.7)
    declarative_authorization (0.5.3)
    delorean (1.1.0)
      chronic
    devise (1.4.2)
      bcrypt-ruby (~> 2.1.2)
      orm_adapter (~> 0.0.3)
      warden (~> 1.0.3)
    diff-lcs (1.1.2)
    email_spec (1.2.1)
      mail (~> 2.2)
      rspec (~> 2.0)
    erubis (2.7.0)
    execjs (1.2.0)
      multi_json (~> 1.0)
    factory_girl (1.3.3)
    factory_girl_rails (1.0.1)
      factory_girl (~> 1.3)
      railties (>= 3.0.0)
    faraday (0.6.1)
      addressable (~> 2.2.4)
      multipart-post (~> 1.1.0)
      rack (< 2, >= 1.1.0)
    ffi (1.0.9)
    fssm (0.2.7)
    geokit (1.6.0)
    gherkin (2.4.2)
      json (>= 1.4.6)
    haml (3.1.2)
    hike (1.1.0)
    i18n (0.6.0)
    jquery-rails (1.0.12)
      railties (~> 3.0)
      thor (~> 0.14)
    jruby-jars (1.6.3)
    json (1.5.3)
    json_pure (1.5.3)
    launchy (0.4.0)
      configuration (>= 0.0.5)
      rake (>= 0.8.1)
    linecache19 (0.5.12)
      ruby_core_source (>= 0.1.4)
    mail (2.3.0)
      i18n (>= 0.4.0)
      mime-types (~> 1.16)
      treetop (~> 1.4.8)
    mime-types (1.16)
    multi_json (1.0.3)
    multi_xml (0.2.2)
    multipart-post (1.1.2)
    net-ldap (0.2.2)
    nokogiri (1.4.7)
    oa-basic (0.2.6)
      oa-core (= 0.2.6)
      rest-client (~> 1.6.0)
    oa-core (0.2.6)
    oa-enterprise (0.2.6)
      addressable (= 2.2.4)
      net-ldap (~> 0.2.2)
      nokogiri (~> 1.4.2)
      oa-core (= 0.2.6)
      pyu-ruby-sasl (~> 0.0.3.1)
      rubyntlm (~> 0.1.1)
    oa-more (0.2.6)
      multi_json (~> 1.0.0)
      oa-core (= 0.2.6)
      rest-client (~> 1.6.0)
    oa-oauth (0.2.6)
      faraday (~> 0.6.1)
      multi_json (~> 1.0.0)
      multi_xml (~> 0.2.2)
      oa-core (= 0.2.6)
      oauth (~> 0.4.0)
      oauth2 (~> 0.4.1)
    oa-openid (0.2.6)
      oa-core (= 0.2.6)
      rack-openid (~> 1.3.1)
      ruby-openid-apps-discovery (~> 1.2.0)
    oauth (0.4.5)
    oauth2 (0.4.1)
      faraday (~> 0.6.1)
      multi_json (>= 0.0.5)
    omniauth (0.2.6)
      oa-basic (= 0.2.6)
      oa-core (= 0.2.6)
      oa-enterprise (= 0.2.6)
      oa-more (= 0.2.6)
      oa-oauth (= 0.2.6)
      oa-openid (= 0.2.6)
    orm_adapter (0.0.5)
    pg (0.11.0)
    polyglot (0.3.1)
    pyu-ruby-sasl (0.0.3.3)
    rack (1.3.1)
    rack-cache (1.0.2)
      rack (>= 0.4)
    rack-mount (0.8.1)
      rack (>= 1.0.0)
    rack-openid (1.3.1)
      rack (>= 1.1.0)
      ruby-openid (>= 2.1.8)
    rack-ssl (1.3.2)
      rack
    rack-test (0.6.0)
      rack (>= 1.0)
    rails (3.1.0.rc4)
      actionmailer (= 3.1.0.rc4)
      actionpack (= 3.1.0.rc4)
      activerecord (= 3.1.0.rc4)
      activeresource (= 3.1.0.rc4)
      activesupport (= 3.1.0.rc4)
      bundler (~> 1.0)
      railties (= 3.1.0.rc4)
    railties (3.1.0.rc4)
      actionpack (= 3.1.0.rc4)
      activesupport (= 3.1.0.rc4)
      rack-ssl (~> 1.3.2)
      rake (>= 0.8.7)
      rdoc (~> 3.4)
      thor (~> 0.14.6)
    rake (0.9.2)
    rdoc (3.8)
    rest-client (1.6.3)
      mime-types (>= 1.16)
    rollable (0.0.2)
      rails (>= 3.0.0)
      rspec (> 2)
      rspec-rails
    rspec (2.6.0)
      rspec-core (~> 2.6.0)
      rspec-expectations (~> 2.6.0)
      rspec-mocks (~> 2.6.0)
    rspec-core (2.6.4)
    rspec-expectations (2.6.0)
      diff-lcs (~> 1.1.2)
    rspec-mocks (2.6.0)
    rspec-rails (2.6.1)
      actionpack (~> 3.0)
      activesupport (~> 3.0)
      railties (~> 3.0)
      rspec (~> 2.6.0)
    ruby-debug-base19 (0.11.25)
      columnize (>= 0.3.1)
      linecache19 (>= 0.5.11)
      ruby_core_source (>= 0.1.4)
    ruby-debug19 (0.11.6)
      columnize (>= 0.3.1)
      linecache19 (>= 0.5.11)
      ruby-debug-base19 (>= 0.11.19)
    ruby-openid (2.1.8)
    ruby-openid-apps-discovery (1.2.0)
      ruby-openid (>= 2.1.7)
    ruby_core_source (0.1.5)
      archive-tar-minitar (>= 0.5.2)
    rubyntlm (0.1.1)
    rubyzip (0.9.4)
    sass (3.1.4)
    sass-rails (3.1.0.rc.4)
      actionpack (~> 3.1.0.rc1)
      railties (~> 3.1.0.rc1)
      sass (>= 3.1.4)
      sprockets (>= 2.0.0.beta.9)
    selenium-webdriver (2.0.0)
      childprocess (>= 0.1.9)
      ffi (>= 1.0.7)
      json_pure
      rubyzip
    shoulda-matchers (1.0.0.beta2)
    sinatra (1.2.6)
      rack (~> 1.1)
      tilt (< 2.0, >= 1.2.2)
    sprockets (2.0.0.beta.10)
      hike (~> 1.0)
      rack (~> 1.0)
      tilt (!= 1.3.0, ~> 1.1)
    sqlite3 (1.3.3)
    steak (1.1.0)
      rspec (>= 1.3)
    sys-uname (0.8.5)
    term-ansicolor (1.0.5)
    thor (0.14.6)
    tilt (1.3.2)
    treetop (1.4.9)
      polyglot (>= 0.3.1)
    turn (0.8.2)
      ansi (>= 1.2.2)
    tzinfo (0.3.29)
    vcr (1.10.0)
    warden (1.0.4)
      rack (>= 1.0)
    webmock (1.6.2)
      addressable (>= 2.2.2)
      crack (>= 0.1.7)
    xpath (0.1.4)
      nokogiri (~> 1.3)

PLATFORMS
  ruby

DEPENDENCIES
  addressable (= 2.2.4)
  akephalos
  autotest
  autotest-fsevent
  autotest-growl
  awesome_print
  capybara
  coffee-script
  compass
  cucumber
  database_cleaner
  declarative_authorization
  delorean
  devise (= 1.4.2)
  email_spec
  factory_girl_rails
  geokit
  haml
  jquery-rails
  launchy
  omniauth (= 0.2.6)
  pg
  rails (= 3.1.0.rc4)
  rollable
  rspec-rails (= 2.6.1)
  ruby-debug19
  sass-rails (~> 3.1.0.rc)
  shoulda-matchers
  sinatra
  sqlite3
  steak
  turn
  vcr
  webmock (= 1.6.2)
